GEM
  remote: https://rubygems.org/
  specs:
    cpf_cnpj (0.5.0)
    nokogiri (1.16.3-x64-mingw-ucrt)
      racc (~> 1.4)
    racc (1.7.3)

PLATFORMS
  x64-mingw-ucrt

DEPENDENCIES
  cpf_cnpj
  nokogiri

BUNDLED WITH
   2.5.7
